GEM
  remote: https://rubygems.org/
  specs:
    influxdb-client (2.9.0)

PLATFORMS
  ruby

DEPENDENCIES
  influxdb-client (~> 2.9)

BUNDLED WITH
   2.3.5
