GEM
  remote: https://rubygems.org/
  specs:
    influxdb (0.8.0)

PLATFORMS
  ruby

DEPENDENCIES
  influxdb (~> 0.8)

BUNDLED WITH
   2.1.4
